GEM
  remote: http://rubygems.org/
  specs:
    ethon (0.5.10)
      ffi (~> 1.3.0)
      mime-types (~> 1.18)
    faraday (0.8.6)
      multipart-post (~> 1.1)
    faraday_middleware (0.9.0)
      faraday (>= 0.7.4, < 0.9)
    ffi (1.3.1)
    mime-types (1.21)
    multipart-post (1.2.0)
    typhoeus (0.6.2)
      ethon (~> 0.5.10)

PLATFORMS
  ruby

DEPENDENCIES
  faraday (~> 0.8.6)
  faraday_middleware (~> 0.9.0)
  typhoeus (~> 0.6.2)
